GEM
  remote: https://rubygems.org/
  specs:
    active_attr (0.7.0)
      activemodel (>= 3.0.2, < 4.1)
      activesupport (>= 3.0.2, < 4.1)
    activemodel (3.2.12)
      activesupport (= 3.2.12)
      builder (~> 3.0.0)
    activesupport (3.2.12)
      i18n (~> 0.6)
      multi_json (~> 1.0)
    addressable (2.2.8)
    backports (3.1.1)
    bson (1.8.3)
    bson_ext (1.8.3)
      bson (~> 1.8.3)
    builder (3.0.4)
    capybara (2.0.2)
      mime-types (>= 1.16)
      nokogiri (>= 1.3.3)
      rack (>= 1.0.0)
      rack-test (>= 0.5.4)
      selenium-webdriver (~> 2.0)
      xpath (~> 1.0.0)
    childprocess (0.3.9)
      ffi (~> 1.0, >= 1.0.11)
    coderay (1.0.9)
    cookiejar (0.3.0)
    daemons (1.1.9)
    data_objects (0.10.12)
      addressable (~> 2.1)
    diff-lcs (1.2.1)
    dm-core (1.2.0)
      addressable (~> 2.2.6)
    dm-do-adapter (1.2.0)
      data_objects (~> 0.10.6)
      dm-core (~> 1.2.0)
    dm-postgres-adapter (1.2.0)
      dm-do-adapter (~> 1.2.0)
      do_postgres (~> 0.10.6)
    do_postgres (0.10.12)
      data_objects (= 0.10.12)
    em-http-request (1.0.3)
      addressable (>= 2.2.3)
      cookiejar
      em-socksify
      eventmachine (>= 1.0.0.beta.4)
      http_parser.rb (>= 0.5.3)
    em-socksify (0.2.1)
      eventmachine (>= 1.0.0.beta.4)
    em-twitter (0.2.1)
      eventmachine (~> 1.0)
      http_parser.rb (~> 0.5)
      simple_oauth (~> 0.1)
    eventmachine (1.0.3)
    factory_girl (4.2.0)
      activesupport (>= 3.0.0)
    faraday (0.8.6)
      multipart-post (~> 1.1)
    ffi (1.4.0)
    foreman (0.62.0)
      thor (>= 0.13.6)
    guard (1.6.2)
      listen (>= 0.6.0)
      lumberjack (>= 1.0.2)
      pry (>= 0.9.10)
      terminal-table (>= 1.4.3)
      thor (>= 0.14.6)
    guard-rspec (2.5.1)
      guard (>= 1.1)
      rspec (~> 2.11)
    haml (4.0.0)
      tilt
    http_parser.rb (0.5.3)
    i18n (0.6.4)
    listen (0.7.3)
    lumberjack (1.0.2)
    mail (2.5.3)
      i18n (>= 0.4.0)
      mime-types (~> 1.16)
      treetop (~> 1.4.8)
    method_source (0.8.1)
    mime-types (1.21)
    mongoid (3.1.2)
      activemodel (~> 3.2)
      moped (~> 1.4.2)
      origin (~> 1.0)
      tzinfo (~> 0.3.22)
    moped (1.4.3)
    multi_json (1.7.0)
    multipart-post (1.2.0)
    nokogiri (1.5.6)
    origin (1.0.11)
    pg (0.14.1)
    polyglot (0.3.3)
    pony (1.4)
      mail (> 2.0)
    pry (0.9.12)
      coderay (~> 1.0.5)
      method_source (~> 0.8)
      slop (~> 3.4)
    rack (1.6.13)
    rack-protection (1.5.0)
      rack
    rack-test (0.6.2)
      rack (>= 1.0)
    rb-fsevent (0.9.3)
    redis (3.0.3)
    rspec (2.13.0)
      rspec-core (~> 2.13.0)
      rspec-expectations (~> 2.13.0)
      rspec-mocks (~> 2.13.0)
    rspec-core (2.13.1)
    rspec-expectations (2.13.0)
      diff-lcs (>= 1.1.3, < 2.0)
    rspec-mocks (2.13.0)
    rubyzip (0.9.9)
    sass (3.2.7)
    selenium-webdriver (2.31.0)
      childprocess (>= 0.2.5)
      multi_json (~> 1.0)
      rubyzip
      websocket (~> 1.0.4)
    shotgun (0.9)
      rack (>= 1.0)
    simple_oauth (0.2.0)
    sinatra (1.3.6)
      rack (~> 1.4)
      rack-protection (~> 1.3)
      tilt (~> 1.3, >= 1.3.3)
    sinatra-contrib (1.3.2)
      backports (>= 2.0)
      eventmachine
      rack-protection
      rack-test
      sinatra (~> 1.3.0)
      tilt (~> 1.3)
    slop (3.4.4)
    terminal-table (1.4.5)
    thin (1.5.0)
      daemons (>= 1.0.9)
      eventmachine (>= 0.12.6)
      rack (>= 1.0.0)
    thor (0.17.0)
    tilt (1.3.5)
    treetop (1.4.12)
      polyglot
      polyglot (>= 0.3.1)
    tweetstream (2.4.0)
      daemons (~> 1.1)
      em-http-request (~> 1.0.2)
      em-twitter (~> 0.2)
      twitter (~> 4.0)
      yajl-ruby (~> 1.1)
    twitter (4.6.1)
      faraday (~> 0.8, < 0.10)
      multi_json (~> 1.0)
      simple_oauth (~> 0.2)
    tzinfo (0.3.37)
    websocket (1.0.7)
    xpath (1.0.0)
      nokogiri (~> 1.3)
    yajl-ruby (1.1.0)

PLATFORMS
  ruby

DEPENDENCIES
  active_attr
  bson_ext
  capybara
  dm-postgres-adapter
  factory_girl
  foreman
  guard-rspec
  haml
  mongoid (~> 3.1.2)
  pg
  pony
  pry
  rb-fsevent
  redis
  rspec
  sass
  shotgun
  sinatra
  sinatra-contrib
  thin
  tweetstream
  twitter
